GEM
  remote: http://rubygems.org/
  specs:
    activemodel (3.1.3)
      activesupport (= 3.1.3)
      builder (~> 3.0.0)
      i18n (~> 0.6)
    activerecord (3.1.3)
      activemodel (= 3.1.3)
      activesupport (= 3.1.3)
      arel (~> 2.2.1)
      tzinfo (~> 0.3.29)
    activesupport (3.1.3)
      multi_json (~> 1.0)
    arel (2.2.1)
    awesome_print (1.0.2)
    builder (3.0.0)
    httparty (0.8.1)
      multi_json
      multi_xml
    i18n (0.6.0)
    icalendar (2.2.2)
    minitest (2.10.0)
    multi_json (1.0.4)
    multi_xml (0.4.1)
    rake (10.4.2)
    sqlite3 (1.3.5)
    tmdb_party (0.9.0)
      httparty (>= 0.6.1)
    tzinfo (0.3.31)

PLATFORMS
  ruby

DEPENDENCIES
  activerecord (= 3.1.3)
  activesupport (= 3.1.3)
  awesome_print
  icalendar
  minitest (= 2.10.0)
  rake
  sqlite3 (= 1.3.5)
  tmdb_party (= 0.9.0)

BUNDLED WITH
   1.10.5
